GEM
  remote: https://rubygems.org/
  specs:
    ansi (1.5.0)
    builder (3.2.3)
    minitest (5.10.3)
    minitest-reporters (1.1.14)
      ansi
      builder
      minitest (>= 5.0)
      ruby-progressbar
    ruby-progressbar (1.9.0)

PLATFORMS
  ruby

DEPENDENCIES
  minitest (= 5.10.3)
  minitest-reporters (= 1.1.14)

BUNDLED WITH
   1.16.1
